GEM
  remote: https://rubygems.org/
  specs:
    addressable (2.5.2)
      public_suffix (>= 2.0.2, < 4.0)
    mini_portile2 (2.4.0)
    nokogiri (1.9.1)
      mini_portile2 (~> 2.4.0)
    public_suffix (3.0.3)

PLATFORMS
  ruby

DEPENDENCIES
  addressable
  nokogiri

BUNDLED WITH
   1.16.4
